GEM
  remote: https://rubygems.org/
  specs:
    chingu (0.9rc9)
      gosu (>= 0.7.45)
      gosu (>= 0.7.45)
    clipboard (0.9.9)
    columnize (0.3.6)
    cri (2.1.0)
    debugger (1.2.0)
      columnize (>= 0.3.1)
      debugger-linecache (~> 1.1.1)
      debugger-ruby_core_source (~> 1.1.3)
    debugger-linecache (1.1.2)
      debugger-ruby_core_source (>= 1.1.1)
    debugger-ruby_core_source (1.1.3)
    faster_xml_simple (0.5.0)
      libxml-ruby (>= 0.3.8.4)
    ffi (1.0.11)
    fidgit (0.2.4)
      chingu (~> 0.9rc7)
      clipboard (~> 0.9.9)
      ffi (~> 1.0.11)
      gosu (~> 0.7.41)
    gosu (0.7.45)
    httpclient (2.3.0.1)
    json (1.7.5)
    libxml-ruby (2.4.0)
    net-github-upload (0.0.8)
      faster_xml_simple
      httpclient
      json
      nokogiri (>= 1.4.0)
    nokogiri (1.5.6)
    ocra (1.3.0)
    rake (0.9.2.2)
    releasy (0.2.2)
      cri (~> 2.1.0)
      net-github-upload (~> 0.0.8)
      ocra (~> 1.3.0)
      rake (~> 0.9.2.2)
      thor (~> 0.14.6)
    texplay (0.4.3)
      gosu (>= 0.7.25)
    thor (0.14.6)

PLATFORMS
  ruby

DEPENDENCIES
  chingu
  debugger
  fidgit
  gosu
  releasy
  texplay
